PATH
  remote: .
  specs:
    nats (0.8.0)
      concurrent-ruby
      eventmachine (~> 1.2, >= 1.2.0)

GEM
  remote: http://rubygems.org/
  specs:
    concurrent-ruby (1.0.2-java)
    diff-lcs (1.2.5)
    eventmachine (1.2.0.1-java)
    rake (11.2.2)
    rspec (3.5.0)
      rspec-core (~> 3.5.0)
      rspec-expectations (~> 3.5.0)
      rspec-mocks (~> 3.5.0)
    rspec-core (3.5.2)
      rspec-support (~> 3.5.0)
    rspec-expectations (3.5.0)
      diff-lcs (>= 1.2.0, < 2.0)
      rspec-support (~> 3.5.0)
    rspec-mocks (3.5.0)
      diff-lcs (>= 1.2.0, < 2.0)
      rspec-support (~> 3.5.0)
    rspec-support (3.5.0)

PLATFORMS
  java
  ruby

DEPENDENCIES
  nats!
  rake
  rspec (>= 3.5.0)

BUNDLED WITH
   1.12.5
